GEM
  remote: https://rubygems.org/
  specs:
    faker (1.7.3)
      i18n (~> 0.5)
    i18n (0.8.1)
    mustermann (1.0.1)
    rack (2.0.3)
    rack-protection (2.0.0)
      rack
    sinatra (2.0.0)
      mustermann (~> 1.0)
      rack (~> 2.0)
      rack-protection (= 2.0.0)
      tilt (~> 2.0)
    tilt (2.0.8)

PLATFORMS
  ruby

DEPENDENCIES
  faker
  sinatra

BUNDLED WITH
   1.14.6
