GEM
  remote: https://rubygems.org/
  specs:
    concurrent-ruby (1.1.8)
    faker (2.16.0)
      i18n (>= 1.6, < 2)
    i18n (1.8.9)
      concurrent-ruby (~> 1.0)
    mustermann (1.0.3)
    rack (2.2.3)
    rack-protection (2.0.5)
      rack
    sinatra (2.0.5)
      mustermann (~> 1.0)
      rack (~> 2.0)
      rack-protection (= 2.0.5)
      tilt (~> 2.0)
    tilt (2.0.9)

PLATFORMS
  ruby

DEPENDENCIES
  faker
  sinatra

BUNDLED WITH
   1.14.6
